PATH
  remote: .
  specs:
    auction_inc (0.2.2)
      roxml (~> 3.3.1)

GEM
  remote: http://rubygems.org/
  specs:
    activesupport (3.2.11)
      i18n (~> 0.6)
      multi_json (~> 1.0)
    diff-lcs (1.1.3)
    fakeweb (1.3.0)
    i18n (0.6.1)
    multi_json (1.5.0)
    nokogiri (1.5.6)
    rake (10.0.3)
    roxml (3.3.1)
      activesupport (>= 2.3.0)
      nokogiri (>= 1.3.3)
    rspec (2.12.0)
      rspec-core (~> 2.12.0)
      rspec-expectations (~> 2.12.0)
      rspec-mocks (~> 2.12.0)
    rspec-core (2.12.2)
    rspec-expectations (2.12.1)
      diff-lcs (~> 1.1.3)
    rspec-mocks (2.12.1)

PLATFORMS
  ruby

DEPENDENCIES
  auction_inc!
  fakeweb (~> 1.3.0)
  rake
  rspec (~> 2.11)
